GIT
  remote: git://github.com/clayallsopp/formotion.git
  revision: 99059195dce840637687d06d699998697f5378ca
  specs:
    formotion (1.6)
      bubble-wrap (~> 1.4.0)
      motion-require (~> 0.0.3)

GEM
  remote: https://rubygems.org/
  specs:
    Pachelbel (1.2.4)
    ProMotion (1.1.1)
      methadone
    bubble-wrap (1.4.0)
    methadone (1.3.1)
      bundler
    motion-require (0.0.7)
    rake (10.1.1)

PLATFORMS
  ruby

DEPENDENCIES
  Pachelbel
  ProMotion (~> 1.1.1)
  bubble-wrap
  formotion!
  rake
